<<<<<<< HEAD
--- 
hash: e95c7a539b21aee3a265edc4b94de1085a86e2cc
sources: 
- Rubygems: 
    uri: http://rubygems.org
specs: 
- json: 
    version: 1.4.6
- oauth: 
    version: 0.4.3
- rubytter: 
    version: 1.4.1
dependencies: 
  rubytter: 
    version: ">= 0"
    group: 
    - :default
  json: 
    version: ">= 0"
    group: 
    - :default
  oauth: 
    version: ">= 0"
    group: 
    - :default
=======
GEM
  remote: http://rubygems.org/
  specs:
    json (1.4.6)
    oauth (0.4.2)
    rspec (1.3.0)
    rubytter (1.4.1)
      json (>= 1.1.3)
      oauth (>= 0.3.6)

PLATFORMS
  ruby

DEPENDENCIES
  json
  oauth
  rspec
  rubytter
>>>>>>> 15a981449106fda15584f39da6c6ea00f178ca18
