GEM
  remote: http://rubygems.org/
  specs:
    json (1.4.6)
    oauth (0.4.4)
    rubytter (1.4.1)
      json (>= 1.1.3)
      oauth (>= 0.3.6)

PLATFORMS
  ruby

DEPENDENCIES
  json
  oauth
  rubytter
